PATH
  remote: .
  specs:
    stratify-twitter (0.1.5)
      actionpack (~> 3.2.0)
      railties (~> 3.2.0)
      rinku (~> 1.0.0)
      stratify-base (~> 0.1.4)
      twitter (~> 4.6.0)

GEM
  remote: http://rubygems.org/
  specs:
    actionpack (3.2.11)
      activemodel (= 3.2.11)
      activesupport (= 3.2.11)
      builder (~> 3.0.0)
      erubis (~> 2.7.0)
      journey (~> 1.0.4)
      rack (~> 1.4.0)
      rack-cache (~> 1.2)
      rack-test (~> 0.6.1)
      sprockets (~> 2.2.1)
    activemodel (3.2.11)
      activesupport (= 3.2.11)
      builder (~> 3.0.0)
    activesupport (3.2.11)
      i18n (~> 0.6)
      multi_json (~> 1.0)
    bson (1.6.4)
    bson_ext (1.6.4)
      bson (~> 1.6.4)
    builder (3.0.4)
    database_cleaner (0.7.2)
    diff-lcs (1.1.3)
    erubis (2.7.0)
    fakeweb (1.3.0)
    faraday (0.8.7)
      multipart-post (~> 1.1)
    hike (1.2.1)
    i18n (0.6.1)
    journey (1.0.4)
    json (1.7.6)
    mongo (1.6.2)
      bson (~> 1.6.2)
    mongoid (2.4.12)
      activemodel (~> 3.1)
      mongo (<= 1.6.2)
      tzinfo (~> 0.3.22)
    multi_json (1.5.0)
    multipart-post (1.2.0)
    rack (1.4.4)
    rack-cache (1.2)
      rack (>= 0.4)
    rack-ssl (1.3.2)
      rack
    rack-test (0.6.2)
      rack (>= 1.0)
    railties (3.2.11)
      actionpack (= 3.2.11)
      activesupport (= 3.2.11)
      rack-ssl (~> 1.3.2)
      rake (>= 0.8.7)
      rdoc (~> 3.4)
      thor (>= 0.14.6, < 2.0)
    rake (0.9.2.2)
    rdoc (3.12)
      json (~> 1.4)
    rinku (1.0.0)
    rspec (2.9.0)
      rspec-core (~> 2.9.0)
      rspec-expectations (~> 2.9.0)
      rspec-mocks (~> 2.9.0)
    rspec-core (2.9.0)
    rspec-expectations (2.9.1)
      diff-lcs (~> 1.1.3)
    rspec-mocks (2.9.0)
    simple_oauth (0.2.0)
    sprockets (2.2.2)
      hike (~> 1.2)
      multi_json (~> 1.0)
      rack (~> 1.0)
      tilt (~> 1.1, != 1.3.0)
    stratify-base (0.1.4)
      bson_ext (~> 1.6.0)
      mongoid (~> 2.4.0)
      tilt (~> 1.3.2)
    thor (0.14.6)
    tilt (1.3.3)
    twitter (4.6.2)
      faraday (~> 0.8, < 0.10)
      multi_json (~> 1.0)
      simple_oauth (~> 0.2)
    tzinfo (0.3.35)
    vcr (1.10.3)

PLATFORMS
  ruby

DEPENDENCIES
  database_cleaner (~> 0.7.2)
  fakeweb (~> 1.3.0)
  rake (~> 0.9.2)
  rspec (~> 2.9.0)
  stratify-twitter!
  vcr (~> 1.10.0)
